GIT
  remote: git://github.com/mperham/sidekiq.git
  revision: 6ff0cff35eac0ad5e5785449d197fc26fb4a9044
  specs:
    sidekiq (0.10.0)
      celluloid
      connection_pool (>= 0.9.0)
      multi_json
      redis
      redis-namespace

GEM
  remote: http://rubygems.org/
  specs:
    celluloid (0.9.0)
    connection_pool (0.9.0)
    hike (1.2.1)
    multi_json (1.1.0)
    rack (1.4.1)
    rack-protection (1.2.0)
      rack
    redis (2.2.2)
    redis-namespace (1.1.0)
      redis (< 3.0.0)
    sinatra (1.3.2)
      rack (~> 1.3, >= 1.3.6)
      rack-protection (~> 1.2)
      tilt (~> 1.3, >= 1.3.3)
    slim (1.1.1)
      temple (~> 0.4.0)
      tilt (~> 1.3.2)
    sprockets (2.3.1)
      hike (~> 1.2)
      multi_json (~> 1.0)
      rack (~> 1.0)
      tilt (~> 1.1, != 1.3.0)
    temple (0.4.0)
    tilt (1.3.3)

PLATFORMS
  ruby

DEPENDENCIES
  sidekiq!
  sinatra
  slim
  sprockets
